GEM
  remote: https://rubygems.org/
  specs:
    daemons (1.1.9)
    declarative_authorization (0.5.1)
    eventmachine (1.0.3)
    i18n (0.4.0)
    mysql2 (0.3.11)
    pg (0.15.1)
    rack (1.5.2)
    thin (1.5.1)
      daemons (>= 1.0.9)
      eventmachine (>= 0.12.6)
      rack (>= 1.0.0)

PLATFORMS
  ruby

DEPENDENCIES
  declarative_authorization (= 0.5.1)
  i18n (= 0.4.0)
  mysql2
  pg
  thin
